GEM
  remote: https://rubygems.org/
  specs:
    asciidoctor (1.5.8)
    asciidoctor-revealjs (1.1.3)
      asciidoctor (~> 1.5.6)
      thread_safe (~> 0.3.5)
    thread_safe (0.3.6)

PLATFORMS
  x64-mingw32

DEPENDENCIES
  asciidoctor-revealjs

BUNDLED WITH
   2.0.1
